GEM
  specs:
    byebug (11.1.3)
    csv (3.1.9)

PLATFORMS
  x86_64-linux

DEPENDENCIES
  byebug (~> 11.1, >= 11.1.3)
  csv (~> 3.1, >= 3.1.9)

BUNDLED WITH
   2.2.6
